GEM
  remote: https://rubygems.org/
  specs:
    addressable (2.6.0)
      public_suffix (>= 2.0.2, < 4.0)
    ast (2.4.0)
    aws-eventstream (1.0.3)
    aws-sigv4 (1.1.0)
      aws-eventstream (~> 1.0, >= 1.0.2)
    bump (0.8.0)
    crack (0.4.3)
      safe_yaml (~> 1.0.0)
    forking_test_runner (1.4.0)
      parallel_tests (>= 1.3.7)
    hashdiff (0.3.9)
    jaro_winkler (1.5.2)
    maxitest (3.1.0)
      minitest (>= 5.0.0, < 5.12.0)
    metaclass (0.0.4)
    minitest (5.11.3)
    mocha (1.8.0)
      metaclass (~> 0.0.1)
    parallel (1.17.0)
    parallel_tests (2.29.0)
      parallel
    parser (2.6.3.0)
      ast (~> 2.4.0)
    public_suffix (3.1.0)
    rack (2.0.8)
    rainbow (3.0.0)
    rake (12.3.2)
    rubocop (0.71.0)
      jaro_winkler (~> 1.5.1)
      parallel (~> 1.10)
      parser (>= 2.6)
      rainbow (>= 2.2.2, < 4.0)
      ruby-progressbar (~> 1.7)
      unicode-display_width (>= 1.4.0, < 1.7)
    ruby-progressbar (1.10.1)
    safe_yaml (1.0.5)
    single_cov (1.3.2)
    stub_server (0.4.0)
      rack
    unicode-display_width (1.6.0)
    vault (0.12.0)
      aws-sigv4
    webmock (3.5.1)
      addressable (>= 2.3.6)
      crack (>= 0.3.2)
      hashdiff

PLATFORMS
  ruby

DEPENDENCIES
  bump
  forking_test_runner
  hashdiff (~> 0.3.9)
  maxitest
  mocha
  rack
  rake
  rubocop
  single_cov
  stub_server
  vault (>= 0.5.0)
  webmock

RUBY VERSION
   ruby 2.6.3p62

BUNDLED WITH
   1.17.2
