GEM
  remote: https://rubygems.org/
  specs:
    addressable (2.8.6)
      public_suffix (>= 2.0.2, < 6.0)
    ast (2.4.2)
    aws-eventstream (1.3.0)
    aws-sigv4 (1.8.0)
      aws-eventstream (~> 1, >= 1.0.2)
    bigdecimal (3.1.7)
    bump (0.10.0)
    crack (1.0.0)
      bigdecimal
      rexml
    forking_test_runner (1.13.0)
      parallel_tests (>= 1.3.7)
    hashdiff (0.3.9)
    json (2.7.1)
    language_server-protocol (3.17.0.3)
    maxitest (5.4.0)
      minitest (>= 5.14.0, < 5.21.0)
    minitest (5.20.0)
    mocha (2.1.0)
      ruby2_keywords (>= 0.0.5)
    parallel (1.24.0)
    parallel_tests (4.5.2)
      parallel
    parser (3.3.0.5)
      ast (~> 2.4.1)
      racc
    public_suffix (5.0.4)
    racc (1.7.3)
    rack (3.0.10)
    rackup (0.2.3)
      rack (>= 3.0.0.beta1)
      webrick
    rainbow (3.1.1)
    rake (13.1.0)
    regexp_parser (2.9.0)
    rexml (3.2.8)
      strscan (>= 3.0.9)
    rubocop (1.62.1)
      json (~> 2.3)
      language_server-protocol (>= 3.17.0)
      parallel (~> 1.10)
      parser (>= 3.3.0.2)
      rainbow (>= 2.2.2, < 4.0)
      regexp_parser (>= 1.8, < 3.0)
      rexml (>= 3.2.5, < 4.0)
      rubocop-ast (>= 1.31.1, < 2.0)
      ruby-progressbar (~> 1.7)
      unicode-display_width (>= 2.4.0, < 3.0)
    rubocop-ast (1.31.2)
      parser (>= 3.3.0.4)
    ruby-progressbar (1.13.0)
    ruby2_keywords (0.0.5)
    single_cov (1.11.0)
    strscan (3.1.0)
    stub_server (0.7.0)
      rackup (~> 0.2.2)
      webrick
    unicode-display_width (2.5.0)
    vault (0.18.2)
      aws-sigv4
    webmock (3.5.1)
      addressable (>= 2.3.6)
      crack (>= 0.3.2)
      hashdiff
    webrick (1.8.1)

PLATFORMS
  ruby

DEPENDENCIES
  bump
  forking_test_runner
  hashdiff (~> 0.3.9)
  maxitest
  mocha
  rack
  rake
  rubocop
  single_cov
  stub_server
  vault (>= 0.5.0)
  webmock

RUBY VERSION
   ruby 3.2.2p53

BUNDLED WITH
   2.5.6
