GEM
  remote: https://rubygems.org/
  specs:
    addressable (2.8.7)
      public_suffix (>= 2.0.2, < 7.0)
    ast (2.4.3)
    aws-eventstream (1.3.2)
    aws-sigv4 (1.11.0)
      aws-eventstream (~> 1, >= 1.0.2)
    bigdecimal (3.1.9)
    bump (0.10.0)
    crack (1.0.0)
      bigdecimal
      rexml
    forking_test_runner (1.15.0)
      parallel_tests (>= 1.3.7)
    hashdiff (0.3.9)
    json (2.11.3)
    language_server-protocol (3.17.0.4)
    lint_roller (1.1.0)
    maxitest (6.0.0)
      minitest (>= 5.20.0, < 5.26.0)
    minitest (5.25.5)
    mocha (2.7.1)
      ruby2_keywords (>= 0.0.5)
    parallel (1.27.0)
    parallel_tests (5.1.0)
      parallel
    parser (3.3.8.0)
      ast (~> 2.4.1)
      racc
    prism (1.4.0)
    public_suffix (6.0.2)
    racc (1.8.1)
    rack (3.1.14)
    rackup (0.2.3)
      rack (>= 3.0.0.beta1)
      webrick
    rainbow (3.1.1)
    rake (13.2.1)
    regexp_parser (2.10.0)
    rexml (3.4.1)
    rubocop (1.75.5)
      json (~> 2.3)
      language_server-protocol (~> 3.17.0.2)
      lint_roller (~> 1.1.0)
      parallel (~> 1.10)
      parser (>= 3.3.0.2)
      rainbow (>= 2.2.2, < 4.0)
      regexp_parser (>= 2.9.3, < 3.0)
      rubocop-ast (>= 1.44.0, < 2.0)
      ruby-progressbar (~> 1.7)
      unicode-display_width (>= 2.4.0, < 4.0)
    rubocop-ast (1.44.1)
      parser (>= 3.3.7.2)
      prism (~> 1.4)
    ruby-progressbar (1.13.0)
    ruby2_keywords (0.0.5)
    single_cov (1.11.0)
    stub_server (0.7.0)
      rackup (~> 0.2.2)
      webrick
    unicode-display_width (3.1.4)
      unicode-emoji (~> 4.0, >= 4.0.4)
    unicode-emoji (4.0.4)
    vault (0.18.2)
      aws-sigv4
    webmock (3.5.1)
      addressable (>= 2.3.6)
      crack (>= 0.3.2)
      hashdiff
    webrick (1.9.1)

PLATFORMS
  ruby

DEPENDENCIES
  bump
  forking_test_runner
  hashdiff (~> 0.3.9)
  maxitest
  mocha
  rack
  rake
  rubocop
  single_cov
  stub_server
  vault (>= 0.5.0)
  webmock

RUBY VERSION
   ruby 3.2.2p53

BUNDLED WITH
   2.5.6
