GEM
  remote: https://rubygems.org/
  specs:
    addressable (2.8.1)
      public_suffix (>= 2.0.2, < 6.0)
    ast (2.4.2)
    aws-eventstream (1.2.0)
    aws-sigv4 (1.5.2)
      aws-eventstream (~> 1, >= 1.0.2)
    bump (0.10.0)
    crack (0.4.5)
      rexml
    forking_test_runner (1.13.0)
      parallel_tests (>= 1.3.7)
    hashdiff (0.3.9)
    maxitest (3.7.0)
      minitest (>= 5.0.0, < 5.15.0)
    minitest (5.14.4)
    mocha (1.16.1)
    parallel (1.22.1)
    parallel_tests (4.2.0)
      parallel
    parser (3.2.1.1)
      ast (~> 2.4.1)
    public_suffix (5.0.1)
    rack (2.2.6.4)
    rainbow (3.1.1)
    rake (12.3.3)
    regexp_parser (2.7.0)
    rexml (3.2.5)
    rubocop (0.93.1)
      parallel (~> 1.10)
      parser (>= 2.7.1.5)
      rainbow (>= 2.2.2, < 4.0)
      regexp_parser (>= 1.8)
      rexml
      rubocop-ast (>= 0.6.0)
      ruby-progressbar (~> 1.7)
      unicode-display_width (>= 1.4.0, < 2.0)
    rubocop-ast (1.27.0)
      parser (>= 3.2.1.0)
    ruby-progressbar (1.13.0)
    single_cov (1.9.1)
    stub_server (0.6.0)
      rack
      webrick
    unicode-display_width (1.8.0)
    vault (0.17.0)
      aws-sigv4
    webmock (3.5.1)
      addressable (>= 2.3.6)
      crack (>= 0.3.2)
      hashdiff
    webrick (1.8.1)

PLATFORMS
  x86_64-darwin-22

DEPENDENCIES
  bump (~> 0.8)
  forking_test_runner (~> 1.4)
  hashdiff (~> 0.3.9)
  maxitest (~> 3.1)
  mocha (~> 1.8)
  rack (~> 2.0)
  rake (~> 12.3)
  rubocop (~> 0.71)
  single_cov (~> 1.3)
  stub_server (~> 0.4)
  vault (>= 0.5.0)
  webmock (~> 3.5)

RUBY VERSION
   ruby 2.7.7p221

BUNDLED WITH
   2.4.5
